GEM
  remote: https://rubygems.org/
  specs:
    activesupport (4.1.8)
      i18n (~> 0.6, >= 0.6.9)
      json (~> 1.7, >= 1.7.7)
      minitest (~> 5.1)
      thread_safe (~> 0.1)
      tzinfo (~> 1.1)
    clamp (0.6.3)
    colored (1.2)
    colorize (0.7.3)
    i18n (0.6.11)
    json (1.8.1)
    minitest (5.4.3)
    synx (0.0.54)
      clamp (~> 0.6)
      colorize (~> 0.7)
      xcodeproj (~> 0.20.0)
    thread_safe (0.3.4)
    tzinfo (1.2.2)
      thread_safe (~> 0.1)
    xcodeproj (0.20.2)
      activesupport (>= 3)
      colored (~> 1.2)
    xcpretty (0.1.7)

PLATFORMS
  ruby

DEPENDENCIES
  synx
  xcpretty
